GIT
  remote: git://github.com/acrmp/chefspec.git
  revision: c26886991eca4f763c3a56b9259928ee3b4274dd
  specs:
    chefspec (3.4.0)
      chef (~> 11.0)
      fauxhai (~> 2.0)
      rspec (~> 2.14)

GEM
  remote: http://rubygems.org/
  specs:
    activesupport (4.1.0)
      i18n (~> 0.6, >= 0.6.9)
      json (~> 1.7, >= 1.7.7)
      minitest (~> 5.1)
      thread_safe (~> 0.1)
      tzinfo (~> 1.1)
    addressable (2.3.6)
    akami (1.2.1)
      gyoku (>= 0.4.0)
      nokogiri
    berkshelf (2.0.0)
      activesupport (>= 3.2.0)
      addressable (~> 2.3.4)
      celluloid (>= 0.14.0)
      chozo (>= 0.6.1)
      faraday (>= 0.8.5)
      hashie (>= 2.0.2)
      minitar (~> 0.5.4)
      retryable (~> 1.3.3)
      ridley (~> 1.0.0)
      solve (>= 0.4.4)
      test-kitchen (>= 1.0.0.alpha7)
      thor (~> 0.18.0)
    builder (3.2.2)
    celluloid (0.14.1)
      timers (>= 1.0.0)
    celluloid-io (0.14.1)
      celluloid (>= 0.14.1)
      nio4r (>= 0.4.5)
    chef (11.12.0)
      chef-zero (~> 2.0, >= 2.0.2)
      diff-lcs (~> 1.2, >= 1.2.4)
      erubis (~> 2.7)
      highline (~> 1.6, >= 1.6.9)
      json (>= 1.4.4, <= 1.8.1)
      mime-types (~> 1.16)
      mixlib-authentication (~> 1.3)
      mixlib-cli (~> 1.4)
      mixlib-config (~> 2.0)
      mixlib-log (~> 1.3)
      mixlib-shellout (~> 1.4)
      net-ssh (~> 2.6)
      net-ssh-multi (~> 1.1)
      ohai (~> 7.0)
      pry (~> 0.9)
      rest-client (>= 1.0.4, < 1.7.0)
      yajl-ruby (~> 1.1)
    chef-zero (2.0.2)
      hashie (~> 2.0)
      json
      mixlib-log (~> 1.3)
      rack
    chozo (0.6.1)
      activesupport (>= 3.2.0)
      hashie (>= 2.0.2)
      multi_json (>= 1.3.0)
    coderay (1.0.9)
    diff-lcs (1.2.5)
    erubis (2.7.0)
    faraday (0.8.9)
      multipart-post (~> 1.2.0)
    fauxhai (2.1.0)
      net-ssh
      ohai
    ffi (1.9.3)
    foodcritic (1.7.0)
      erubis
      gherkin (~> 2.11.1)
      gist (~> 3.1.0)
      nokogiri (~> 1.5.4)
      pry (~> 0.9.8.4)
      rak (~> 1.4)
      treetop (~> 1.4.10)
      yajl-ruby (~> 1.1.0)
    gherkin (2.11.6)
      json (>= 1.7.6)
    gist (3.1.1)
    gssapi (1.0.3)
      ffi (>= 1.0.1)
    gyoku (1.1.1)
      builder (>= 2.1.2)
    hashie (2.1.0)
    highline (1.6.21)
    hitimes (1.2.1)
    httpclient (2.3.4.1)
    httpi (0.9.7)
      rack
    i18n (0.6.9)
    ipaddress (0.8.0)
    json (1.8.1)
    little-plugger (1.1.3)
    logging (1.8.2)
      little-plugger (>= 1.1.3)
      multi_json (>= 1.8.4)
    method_source (0.7.1)
    mime-types (1.25.1)
    minitar (0.5.4)
    minitest (5.3.2)
    mixlib-authentication (1.3.0)
      mixlib-log
    mixlib-cli (1.4.0)
    mixlib-config (2.1.0)
    mixlib-log (1.6.0)
    mixlib-shellout (1.4.0)
    multi_json (1.9.2)
    multipart-post (1.2.0)
    net-http-persistent (2.9.4)
    net-scp (1.1.2)
      net-ssh (>= 2.6.5)
    net-ssh (2.8.0)
    net-ssh-gateway (1.2.0)
      net-ssh (>= 2.6.5)
    net-ssh-multi (1.2.0)
      net-ssh (>= 2.6.5)
      net-ssh-gateway (>= 1.2.0)
    nio4r (1.0.0)
    nokogiri (1.5.11)
    nori (1.1.5)
    ohai (7.0.0)
      ipaddress
      mime-types (~> 1.16)
      mixlib-cli
      mixlib-config (~> 2.0)
      mixlib-log
      mixlib-shellout (~> 1.2)
      systemu (~> 2.5.2)
      yajl-ruby
    polyglot (0.3.4)
    pry (0.9.8.4)
      coderay (~> 1.0.5)
      method_source (~> 0.7.1)
      slop (>= 2.4.4, < 3)
    rack (1.5.2)
    rak (1.4)
    rest-client (1.6.7)
      mime-types (>= 1.16)
    retryable (1.3.5)
    ridley (1.0.3)
      addressable
      celluloid (~> 0.14.0)
      celluloid-io (~> 0.14.0)
      chozo (>= 0.6.0)
      erubis
      faraday (>= 0.8.4)
      hashie (>= 2.0.2)
      mixlib-authentication (>= 1.3.0)
      net-http-persistent (>= 2.8)
      net-ssh
      retryable
      solve (>= 0.4.4)
      winrm (~> 1.1.0)
    rspec (2.14.1)
      rspec-core (~> 2.14.0)
      rspec-expectations (~> 2.14.0)
      rspec-mocks (~> 2.14.0)
    rspec-core (2.14.8)
    rspec-expectations (2.14.5)
      diff-lcs (>= 1.1.3, < 2.0)
    rspec-mocks (2.14.6)
    rubyntlm (0.1.1)
    safe_yaml (1.0.2)
    savon (0.9.5)
      akami (~> 1.0)
      builder (>= 2.1.2)
      gyoku (>= 0.4.0)
      httpi (~> 0.9)
      nokogiri (>= 1.4.0)
      nori (~> 1.0)
      wasabi (~> 1.0)
    slop (2.4.4)
    solve (0.8.2)
    systemu (2.5.2)
    test-kitchen (1.2.1)
      mixlib-shellout (~> 1.2)
      net-scp (~> 1.1)
      net-ssh (~> 2.7)
      safe_yaml (~> 1.0)
      thor (~> 0.18)
    thor (0.18.1)
    thread_safe (0.3.3)
    timers (2.0.0)
      hitimes
    treetop (1.4.15)
      polyglot
      polyglot (>= 0.3.1)
    tzinfo (1.1.0)
      thread_safe (~> 0.1)
    uuidtools (2.1.4)
    wasabi (1.0.0)
      nokogiri (>= 1.4.0)
    winrm (1.1.3)
      gssapi (~> 1.0.0)
      httpclient (~> 2.2, >= 2.2.0.2)
      logging (~> 1.6, >= 1.6.1)
      nokogiri (~> 1.5)
      rubyntlm (~> 0.1.1)
      savon (= 0.9.5)
      uuidtools (~> 2.1.2)
    yajl-ruby (1.1.0)

PLATFORMS
  ruby

DEPENDENCIES
  berkshelf (= 2.0.0)
  chefspec!
  faraday (< 0.9)
  fauxhai
  foodcritic (~> 1.7.0)
  gherkin (= 2.11.6)
